PATH
  remote: .
  specs:
    wire4_auth (0.0.1.pre.SNAPSHOT)
      oauth2 (~> 1.4, >= 1.4.2)

GEM
  remote: https://rubygems.org/
  specs:
    faraday (0.17.1)
      multipart-post (>= 1.2, < 3)
    jwt (2.2.1)
    multi_json (1.14.1)
    multi_xml (0.6.0)
    multipart-post (2.1.1)
    oauth2 (1.4.2)
      faraday (>= 0.8, < 2.0)
      jwt (>= 1.0, < 3.0)
      multi_json (~> 1.3)
      multi_xml (~> 0.5)
      rack (>= 1.2, < 3)
    rack (2.0.7)

PLATFORMS
  ruby

DEPENDENCIES
  oauth2 (~> 1.4.2)
  wire4_auth!

BUNDLED WITH
   1.17.2
