PATH
  remote: .
  specs:
    wire4_auth (1.0.1)
      oauth2 (~> 1.4, >= 1.4.2)
      wire4_client (~> 1.0.0, >= 1.0)

GEM
  remote: https://rubygems.org/
  specs:
    ethon (0.12.0)
      ffi (>= 1.3.0)
    faraday (1.0.0)
      multipart-post (>= 1.2, < 3)
    ffi (1.12.1)
    json (2.3.0)
    jwt (2.2.1)
    multi_json (1.14.1)
    multi_xml (0.6.0)
    multipart-post (2.1.1)
    oauth2 (1.4.3)
      faraday (>= 0.8, < 2.0)
      jwt (>= 1.0, < 3.0)
      multi_json (~> 1.3)
      multi_xml (~> 0.5)
      rack (>= 1.2, < 3)
    power_assert (1.1.3)
    rack (2.1.2)
    test-unit (3.3.5)
      power_assert
    typhoeus (1.3.1)
      ethon (>= 0.9.0)
    wire4_client (1.0.0)
      json (~> 2.1, >= 2.1.0)
      typhoeus (~> 1.0, >= 1.0.1)

PLATFORMS
  ruby

DEPENDENCIES
  oauth2 (~> 1.4.2)
  test-unit (~> 3.3, >= 3.3.0)
  wire4_auth!
  wire4_client (~> 1.0)

BUNDLED WITH
   1.17.3
